GEM
  remote: https://rubygems.org/
  specs:
    actioncable (6.1.5)
      actionpack (= 6.1.5)
      activesupport (= 6.1.5)
      nio4r (~> 2.0)
      websocket-driver (>= 0.6.1)
    actionmailbox (6.1.5)
      actionpack (= 6.1.5)
      activejob (= 6.1.5)
      activerecord (= 6.1.5)
      activestorage (= 6.1.5)
      activesupport (= 6.1.5)
      mail (>= 2.7.1)
    actionmailer (6.1.5)
      actionpack (= 6.1.5)
      actionview (= 6.1.5)
      activejob (= 6.1.5)
      activesupport (= 6.1.5)
      mail (~> 2.5, >= 2.5.4)
      rails-dom-testing (~> 2.0)
    actionpack (6.1.5)
      actionview (= 6.1.5)
      activesupport (= 6.1.5)
      rack (~> 2.0, >= 2.0.9)
      rack-test (>= 0.6.3)
      rails-dom-testing (~> 2.0)
      rails-html-sanitizer (~> 1.0, >= 1.2.0)
    actiontext (6.1.5)
      actionpack (= 6.1.5)
      activerecord (= 6.1.5)
      activestorage (= 6.1.5)
      activesupport (= 6.1.5)
      nokogiri (>= 1.8.5)
    actionview (6.1.5)
      activesupport (= 6.1.5)
      builder (~> 3.1)
      erubi (~> 1.4)
      rails-dom-testing (~> 2.0)
      rails-html-sanitizer (~> 1.1, >= 1.2.0)
    active_model_serializers (0.10.13)
      actionpack (>= 4.1, < 7.1)
      activemodel (>= 4.1, < 7.1)
      case_transform (>= 0.2)
      jsonapi-renderer (>= 0.1.1.beta1, < 0.3)
    activejob (6.1.5)
      activesupport (= 6.1.5)
      globalid (>= 0.3.6)
    activemodel (6.1.5)
      activesupport (= 6.1.5)
    activerecord (6.1.5)
      activemodel (= 6.1.5)
      activesupport (= 6.1.5)
    activestorage (6.1.5)
      actionpack (= 6.1.5)
      activejob (= 6.1.5)
      activerecord (= 6.1.5)
      activesupport (= 6.1.5)
      marcel (~> 1.0)
      mini_mime (>= 1.1.0)
    activesupport (6.1.5)
      concurrent-ruby (~> 1.0, >= 1.0.2)
      i18n (>= 1.6, < 2)
      minitest (>= 5.1)
      tzinfo (~> 2.0)
      zeitwerk (~> 2.3)
    addressable (2.8.0)
      public_suffix (>= 2.0.2, < 5.0)
    amoeba (3.2.0)
      activerecord (>= 4.2.0)
    api-pagination (4.8.2)
    archive-zip (0.12.0)
      io-like (~> 0.3.0)
    attr_encrypted (3.1.0)
      encryptor (~> 3.0.0)
    audited (5.0.2)
      activerecord (>= 5.0, < 7.1)
    aws-eventstream (1.2.0)
    aws-partitions (1.603.0)
    aws-sdk-core (3.131.2)
      aws-eventstream (~> 1, >= 1.0.2)
      aws-partitions (~> 1, >= 1.525.0)
      aws-sigv4 (~> 1.1)
      jmespath (~> 1, >= 1.6.1)
    aws-sdk-kms (1.57.0)
      aws-sdk-core (~> 3, >= 3.127.0)
      aws-sigv4 (~> 1.1)
    aws-sdk-s3 (1.114.0)
      aws-sdk-core (~> 3, >= 3.127.0)
      aws-sdk-kms (~> 1)
      aws-sigv4 (~> 1.4)
    aws-sigv4 (1.5.0)
      aws-eventstream (~> 1, >= 1.0.2)
    bcrypt (3.1.18)
    better_errors (2.9.1)
      coderay (>= 1.0.0)
      erubi (>= 1.0.0)
      rack (>= 0.9.0)
    binding_of_caller (1.0.0)
      debug_inspector (>= 0.0.1)
    builder (3.2.4)
    byebug (11.1.3)
    capybara (3.37.1)
      addressable
      matrix
      mini_mime (>= 0.1.3)
      nokogiri (~> 1.8)
      rack (>= 1.6.0)
      rack-test (>= 0.6.3)
      regexp_parser (>= 1.5, < 3.0)
      xpath (~> 3.2)
    case_transform (0.2)
      activesupport
    childprocess (4.1.0)
    chromedriver-helper (2.1.1)
      archive-zip (~> 0.10)
      nokogiri (~> 1.8)
    clipboard (1.3.6)
    coderay (1.1.3)
    coffee-rails (5.0.0)
      coffee-script (>= 2.2.0)
      railties (>= 5.2.0)
    coffee-script (2.4.1)
      coffee-script-source
      execjs
    coffee-script-source (1.12.2)
    concurrent-ruby (1.1.10)
    correios-cep (0.8.0)
      http (~> 4.3)
      ox (~> 2.13)
    cpf_cnpj (0.5.0)
    cpf_faker (1.3.0)
      clipboard
    crass (1.0.6)
    credit_card_validations (5.0.0)
      activemodel (>= 5.2, < 7.1)
      activesupport (>= 5.2, < 7.1)
    database_cleaner (2.0.1)
      database_cleaner-active_record (~> 2.0.0)
    database_cleaner-active_record (2.0.1)
      activerecord (>= 5.a)
      database_cleaner-core (~> 2.0.0)
    database_cleaner-core (2.0.1)
    datagrid (1.6.3)
      rails (>= 4.0)
    debug_inspector (1.1.0)
    diff-lcs (1.5.0)
    domain_name (0.5.20190701)
      unf (>= 0.0.5, < 1.0.0)
    dry-container (0.10.0)
      concurrent-ruby (~> 1.0)
    dry-core (0.7.1)
      concurrent-ruby (~> 1.0)
    dry-inflector (0.2.1)
    dry-logic (1.2.0)
      concurrent-ruby (~> 1.0)
      dry-core (~> 0.5, >= 0.5)
    dry-types (1.5.1)
      concurrent-ruby (~> 1.0)
      dry-container (~> 0.3)
      dry-core (~> 0.5, >= 0.5)
      dry-inflector (~> 0.1, >= 0.1.2)
      dry-logic (~> 1.0, >= 1.0.2)
    em-hiredis (0.3.1)
      eventmachine (~> 1.0)
      hiredis (~> 0.6.0)
    email_spec (2.2.0)
      htmlentities (~> 4.3.3)
      launchy (~> 2.1)
      mail (~> 2.7)
    encryptor (3.0.0)
    erubi (1.10.0)
    et-orbi (1.2.7)
      tzinfo
    eventmachine (1.2.7)
    execjs (2.8.1)
    factory_bot (6.2.1)
      activesupport (>= 5.0.0)
    factory_bot_rails (6.2.0)
      factory_bot (~> 6.2.0)
      railties (>= 5.0.0)
    faker (2.21.0)
      i18n (>= 1.8.11, < 2)
    faraday (2.3.0)
      faraday-net_http (~> 2.0)
      ruby2_keywords (>= 0.0.4)
    faraday-net_http (2.0.3)
    fcm (1.0.8)
      faraday (>= 1.0.0, < 3.0)
      googleauth (~> 1)
    ffi (1.15.5)
    ffi-compiler (1.0.1)
      ffi (>= 1.0.0)
      rake
    figaro (1.2.0)
      thor (>= 0.14.0, < 2)
    formatador (1.1.0)
    fugit (1.5.3)
      et-orbi (~> 1, >= 1.2.7)
      raabro (~> 1.4)
    globalid (1.0.0)
      activesupport (>= 5.0)
    google_maps_service (0.4.2)
      hurley (~> 0.1)
      multi_json (~> 1.11)
      retriable (~> 2.0)
    googleauth (1.2.0)
      faraday (>= 0.17.3, < 3.a)
      jwt (>= 1.4, < 3.0)
      memoist (~> 0.16)
      multi_json (~> 1.11)
      os (>= 0.9, < 2.0)
      signet (>= 0.16, < 2.a)
    grape (1.6.2)
      activesupport
      builder
      dry-types (>= 1.1)
      mustermann-grape (~> 1.0.0)
      rack (>= 1.3.0)
      rack-accept
    grape-active_model_serializers (1.5.2)
      active_model_serializers (>= 0.10.0)
      grape (>= 0.8.0)
    gritter (1.2.0)
    guard (2.18.0)
      formatador (>= 0.2.4)
      listen (>= 2.7, < 4.0)
      lumberjack (>= 1.0.12, < 2.0)
      nenv (~> 0.1)
      notiffany (~> 0.0)
      pry (>= 0.13.0)
      shellany (~> 0.0)
      thor (>= 0.18.1)
    guard-bundler (3.0.0)
      bundler (>= 2.1, < 3)
      guard (~> 2.2)
      guard-compat (~> 1.1)
    guard-compat (1.2.1)
    guard-rails (0.8.1)
      guard (~> 2.11)
      guard-compat (~> 1.0)
    guard-rspec (4.7.3)
      guard (~> 2.1)
      guard-compat (~> 1.1)
      rspec (>= 2.99.0, < 4.0)
    hashie (5.0.0)
    hiredis (0.6.3)
    htmlentities (4.3.4)
    http (4.4.1)
      addressable (~> 2.3)
      http-cookie (~> 1.0)
      http-form_data (~> 2.2)
      http-parser (~> 1.2.0)
    http-cookie (1.0.5)
      domain_name (~> 0.5)
    http-form_data (2.3.0)
    http-parser (1.2.3)
      ffi-compiler (>= 1.0, < 2.0)
    hub (1.12.4)
    hurley (0.2)
    i18n (1.11.0)
      concurrent-ruby (~> 1.0)
    iconv (1.0.8)
    image_processing (1.12.2)
      mini_magick (>= 4.9.5, < 5)
      ruby-vips (>= 2.0.17, < 3)
    interception (0.5)
    io-like (0.3.1)
    jmespath (1.6.1)
    jsonapi-renderer (0.2.2)
    jwt (2.4.1)
    kaminari (1.2.2)
      activesupport (>= 4.1.0)
      kaminari-actionview (= 1.2.2)
      kaminari-activerecord (= 1.2.2)
      kaminari-core (= 1.2.2)
    kaminari-actionview (1.2.2)
      actionview
      kaminari-core (= 1.2.2)
    kaminari-activerecord (1.2.2)
      activerecord
      kaminari-core (= 1.2.2)
    kaminari-core (1.2.2)
    launchy (2.5.0)
      addressable (~> 2.7)
    listen (3.7.1)
      rb-fsevent (~> 0.10, >= 0.10.3)
      rb-inotify (~> 0.9, >= 0.9.10)
    loofah (2.18.0)
      crass (~> 1.0.2)
      nokogiri (>= 1.5.9)
    lumberjack (1.2.8)
    mail (2.7.1)
      mini_mime (>= 0.1.1)
    marcel (1.0.2)
    matrix (0.4.2)
    memoist (0.16.2)
    method_source (1.0.0)
    mini_magick (4.11.0)
    mini_mime (1.1.2)
    mini_portile2 (2.8.0)
    minitest (5.16.2)
    multi_json (1.15.0)
    multi_xml (0.6.0)
    mustermann (1.1.1)
      ruby2_keywords (~> 0.0.1)
    mustermann-grape (1.0.2)
      mustermann (>= 1.0.0)
    mysql2 (0.5.4)
    n_1_finder (0.0.6)
    nenv (0.3.0)
    nio4r (2.5.8)
    nokogiri (1.13.6)
      mini_portile2 (~> 2.8.0)
      racc (~> 1.4)
    notiffany (0.1.3)
      nenv (~> 0.1)
      shellany (~> 0.0)
    oauth2 (1.4.10)
      faraday (>= 0.17.3, < 3.0)
      jwt (>= 1.0, < 3.0)
      multi_json (~> 1.3)
      multi_xml (~> 0.5)
      rack (>= 1.2, < 3)
    omniauth (1.9.1)
      hashie (>= 3.4.6)
      rack (>= 1.6.2, < 3)
    omniauth-facebook (4.0.0)
      omniauth-oauth2 (~> 1.2)
    omniauth-google-oauth2 (0.8.2)
      jwt (>= 2.0)
      oauth2 (~> 1.1)
      omniauth (~> 1.1)
      omniauth-oauth2 (>= 1.6)
    omniauth-oauth2 (1.7.3)
      oauth2 (>= 1.4, < 3)
      omniauth (>= 1.9, < 3)
    omniauth-rails_csrf_protection (0.1.2)
      actionpack (>= 4.2)
      omniauth (>= 1.3.1)
    os (1.1.4)
    ox (2.14.11)
    pry (0.14.1)
      coderay (~> 1.1)
      method_source (~> 1.0)
    pry-rails (0.3.9)
      pry (>= 0.10.4)
    pry-rescue (1.5.2)
      interception (>= 0.5)
      pry (>= 0.12.0)
    public_suffix (4.0.7)
    puma (6.0.2)
      nio4r (~> 2.0)
    pundit (2.2.0)
      activesupport (>= 3.0.0)
    raabro (1.4.0)
    racc (1.6.0)
    rack (2.2.4)
    rack-accept (0.4.5)
      rack (>= 0.4)
    rack-attack (6.6.1)
      rack (>= 1.0, < 3)
    rack-cors (1.1.1)
      rack (>= 2.0.0)
    rack-test (2.0.2)
      rack (>= 1.3)
    rails (6.1.5)
      actioncable (= 6.1.5)
      actionmailbox (= 6.1.5)
      actionmailer (= 6.1.5)
      actionpack (= 6.1.5)
      actiontext (= 6.1.5)
      actionview (= 6.1.5)
      activejob (= 6.1.5)
      activemodel (= 6.1.5)
      activerecord (= 6.1.5)
      activestorage (= 6.1.5)
      activesupport (= 6.1.5)
      bundler (>= 1.15.0)
      railties (= 6.1.5)
      sprockets-rails (>= 2.0.0)
    rails-dom-testing (2.0.3)
      activesupport (>= 4.2.0)
      nokogiri (>= 1.6)
    rails-html-sanitizer (1.4.3)
      loofah (~> 2.3)
    rails_layout (1.0.42)
    railties (6.1.5)
      actionpack (= 6.1.5)
      activesupport (= 6.1.5)
      method_source
      rake (>= 12.2)
      thor (~> 1.0)
    rake (13.0.6)
    rb-fchange (0.0.6)
      ffi
    rb-fsevent (0.11.1)
    rb-inotify (0.10.1)
      ffi (~> 1.0)
    redis (3.3.5)
    regexp_parser (2.5.0)
    retriable (2.1.0)
    rexml (3.2.5)
    roo (2.9.0)
      nokogiri (~> 1)
      rubyzip (>= 1.3.0, < 3.0.0)
    rspec (3.11.0)
      rspec-core (~> 3.11.0)
      rspec-expectations (~> 3.11.0)
      rspec-mocks (~> 3.11.0)
    rspec-core (3.11.0)
      rspec-support (~> 3.11.0)
    rspec-expectations (3.11.0)
      diff-lcs (>= 1.2.0, < 2.0)
      rspec-support (~> 3.11.0)
    rspec-mocks (3.11.1)
      diff-lcs (>= 1.2.0, < 2.0)
      rspec-support (~> 3.11.0)
    rspec-rails (5.1.2)
      actionpack (>= 5.2)
      activesupport (>= 5.2)
      railties (>= 5.2)
      rspec-core (~> 3.10)
      rspec-expectations (~> 3.10)
      rspec-mocks (~> 3.10)
      rspec-support (~> 3.10)
    rspec-support (3.11.0)
    ruby-ole (1.2.12.2)
    ruby-vips (2.1.4)
      ffi (~> 1.12)
    ruby2_keywords (0.0.5)
    rubyzip (2.3.2)
    rufus-scheduler (3.8.1)
      fugit (~> 1.1, >= 1.1.6)
    sass (3.7.4)
      sass-listen (~> 4.0.0)
    sass-listen (4.0.0)
      rb-fsevent (~> 0.9, >= 0.9.4)
      rb-inotify (~> 0.9, >= 0.9.7)
    sass-rails (5.1.0)
      railties (>= 5.2.0)
      sass (~> 3.1)
      sprockets (>= 2.8, < 4.0)
      sprockets-rails (>= 2.0, < 4.0)
      tilt (>= 1.1, < 3)
    selenium-webdriver (4.3.0)
      childprocess (>= 0.5, < 5.0)
      rexml (~> 3.2, >= 3.2.5)
      rubyzip (>= 1.2.2, < 3.0)
      websocket (~> 1.0)
    shellany (0.0.1)
    shoulda-matchers (2.8.0)
      activesupport (>= 3.0.0)
    signet (0.17.0)
      addressable (~> 2.8)
      faraday (>= 0.17.5, < 3.a)
      jwt (>= 1.5, < 3.0)
      multi_json (~> 1.10)
    simple_form (5.1.0)
      actionpack (>= 5.2)
      activemodel (>= 5.2)
    slim (3.0.9)
      temple (>= 0.7.6, < 0.9)
      tilt (>= 1.3.3, < 2.1)
    slim-rails (3.1.1)
      actionpack (>= 3.1)
      railties (>= 3.1)
      slim (~> 3.0)
    spreadsheet (1.3.0)
      ruby-ole
    spring (4.0.0)
    spring-commands-rspec (1.0.4)
      spring (>= 0.9.1)
    sprockets (3.7.2)
      concurrent-ruby (~> 1.0)
      rack (> 1, < 3)
    sprockets-rails (3.4.2)
      actionpack (>= 5.2)
      activesupport (>= 5.2)
      sprockets (>= 3.0.0)
    temple (0.8.2)
    thor (1.2.1)
    tilt (2.0.10)
    tzinfo (2.0.4)
      concurrent-ruby (~> 1.0)
    uglifier (4.2.0)
      execjs (>= 0.3.0, < 3)
    unf (0.1.4)
      unf_ext
    unf_ext (0.0.8.2)
    unread (0.12.0)
      activerecord (>= 3)
    valid_email2 (4.0.3)
      activemodel (>= 3.2)
      mail (~> 2.5)
    validates_email_format_of (1.6.3)
      i18n
    web-console (2.3.0)
      activemodel (>= 4.0)
      binding_of_caller (>= 0.7.2)
      railties (>= 4.0)
      sprockets-rails (>= 2.0, < 4.0)
    websocket (1.2.9)
    websocket-driver (0.7.5)
      websocket-extensions (>= 0.1.0)
    websocket-extensions (0.1.5)
    xpath (3.2.0)
      nokogiri (~> 1.8)
    zeitwerk (2.6.0)

PLATFORMS
  ruby

DEPENDENCIES
  amoeba
  api-pagination
  attr_encrypted
  audited
  aws-sdk-s3 (~> 1.94, >= 1.94.1)
  bcrypt (~> 3.1.12)
  better_errors
  byebug
  capybara
  chromedriver-helper
  coffee-rails
  correios-cep (~> 0.8.0)
  cpf_cnpj
  cpf_faker
  credit_card_validations
  database_cleaner
  datagrid
  em-hiredis
  email_spec
  factory_bot_rails
  faker
  fcm
  figaro
  google_maps_service
  grape
  grape-active_model_serializers
  gritter (~> 1.2)
  guard-bundler
  guard-rails
  guard-rspec
  hub
  iconv
  image_processing
  kaminari
  launchy
  mini_magick
  mysql2 (~> 0.5.2)
  n_1_finder
  omniauth-facebook (~> 4.0)
  omniauth-google-oauth2 (~> 0.8.1)
  omniauth-rails_csrf_protection (~> 0.1)
  pry-rails
  pry-rescue
  puma
  pundit
  rack-attack
  rack-cors
  rails (= 6.1.5)
  rails_layout
  rb-fchange
  rb-fsevent
  rb-inotify
  redis (~> 3.0)
  roo
  rspec-rails
  rufus-scheduler (~> 3.8.1)
  sass-rails (~> 5.0)
  selenium-webdriver
  shoulda-matchers (< 3.0.0)
  simple_form
  slim-rails (= 3.1.1)
  spreadsheet
  spring
  spring-commands-rspec
  uglifier (>= 1.3.0)
  unread
  valid_email2
  validates_email_format_of
  web-console (~> 2.0)

RUBY VERSION
   ruby 2.7.0p0

BUNDLED WITH
   2.1.2
